GEM
  remote: http://rubygems.org/
  specs:
    addressable (2.2.7)
    archive-tar-minitar (0.5.2)
    backports (2.5.3)
    chunky_png (1.2.5)
    columnize (0.3.6)
    compass (0.11.5)
      chunky_png (~> 1.2)
      fssm (>= 0.2.7)
      sass (~> 3.1)
    daemons (1.1.8)
    eventmachine (0.12.10)
    foreman (0.41.0)
      thor (>= 0.13.6)
    fssm (0.2.7)
    haml (3.1.3)
    heroku (2.24.1)
      launchy (>= 0.3.2)
      netrc (~> 0.7.1)
      rest-client (~> 1.6.1)
      rubyzip
    jsmin (1.0.1)
    launchy (2.1.0)
      addressable (~> 2.2.6)
    linecache19 (0.5.12)
      ruby_core_source (>= 0.1.4)
    mime-types (1.18)
    netrc (0.7.1)
    newrelic_rpm (3.3.3)
    rack (1.3.5)
    rack-force_domain (0.2.0)
    rack-protection (1.1.4)
      rack
    rack-test (0.6.1)
      rack (>= 1.0)
    rake (0.9.2.2)
    rdiscount (1.6.8)
    rest-client (1.6.7)
      mime-types (>= 1.16)
    ruby-debug-base19 (0.11.25)
      columnize (>= 0.3.1)
      linecache19 (>= 0.5.11)
      ruby_core_source (>= 0.1.4)
    ruby-debug19 (0.11.6)
      columnize (>= 0.3.1)
      linecache19 (>= 0.5.11)
      ruby-debug-base19 (>= 0.11.19)
    ruby_core_source (0.1.5)
      archive-tar-minitar (>= 0.5.2)
    rubyzip (0.9.7)
    sass (3.1.10)
    shotgun (0.9)
      rack (>= 1.0)
    sinatra (1.3.1)
      rack (~> 1.3, >= 1.3.4)
      rack-protection (~> 1.1, >= 1.1.2)
      tilt (~> 1.3, >= 1.3.3)
    sinatra-assetpack (0.0.11)
      jsmin
      rack-test
      sinatra
      tilt (>= 1.3.0)
    sinatra-contrib (1.3.1)
      backports (>= 2.0)
      eventmachine
      rack-protection
      rack-test
      sinatra (~> 1.3.0)
      tilt (~> 1.3)
    thin (1.3.1)
      daemons (>= 1.0.9)
      eventmachine (>= 0.12.6)
      rack (>= 1.0.0)
    thor (0.14.6)
    tilt (1.3.3)

PLATFORMS
  ruby

DEPENDENCIES
  compass
  foreman
  haml
  heroku
  newrelic_rpm
  rack-force_domain
  rake
  rdiscount
  ruby-debug19
  sass
  shotgun
  sinatra
  sinatra-assetpack
  sinatra-contrib
  thin
